GIT
  remote: https://github.com/cph/devise_ldap_authenticatable.git
  revision: 16017a0ec83a81f41ca6d0a549e56125b25937f1
  branch: master
  specs:
    devise_ldap_authenticatable (0.7.1)
      devise (>= 3.0.0)
      net-ldap (>= 0.16.0)

GIT
  remote: https://github.com/cph/houston-watcher.git
  revision: 3ac698d16dd48d3dad3a9648ab6ab7948317cf55
  branch: master
  specs:
    houston-watcher (0.0.1)
      houston-core (>= 0.9.2)
      multi_json (~> 1.13.1)

GIT
  remote: https://github.com/cph/star.git
  revision: 9d1a20ec6f5691f668348cf7773a8b5368a3facf
  branch: master
  specs:
    star (0.0.1)
      faraday
      multi_json
      nokogiri
      ruby-ntlm

GIT
  remote: https://github.com/houston/houston-alerts.git
  revision: d4f06922d912fd24b36e079ecefb4334115422f2
  branch: master
  specs:
    houston-alerts (0.0.1)
      houston-core (>= 0.8.0.pre)
      octicons

GIT
  remote: https://github.com/houston/houston-ci.git
  revision: c2f87de7ef25fc3c8b323827fa7f7be7be84d71b
  branch: master
  specs:
    houston-ci (0.0.1)
      googlecharts (~> 1.6.12)
      houston-core (>= 0.8.0.pre)
      juniter
      rubyzip
      simplecov (~> 0.9.1)

GIT
  remote: https://github.com/houston/houston-commits.git
  revision: 090335cf03c0bf68892190f972c010a0876a18d3
  branch: master
  specs:
    houston-commits (0.0.1)
      houston-core (>= 0.8.0)
      octokit (>= 4.9.0)
      rugged (~> 0.27.0)

GIT
  remote: https://github.com/houston/houston-conversations.git
  revision: b292c90c3a74c73e2a97e23e20fa640dc3e48c54
  branch: master
  specs:
    houston-conversations (0.1.0)
      attentive (~> 0.3.3)
      concurrent-ruby
      houston-core (>= 0.8.0.pre)

GIT
  remote: https://github.com/houston/houston-core.git
  revision: 618f67b3a1e7b22d5384e6e03982c1191164f548
  branch: wait-for-scheduler
  specs:
    houston-core (0.9.2)
      activerecord-import
      addressable
      attentive (>= 0.3.9)
      browser (~> 2.3.0)
      cancancan (>= 3.0.0)
      coffee-rails
      concurrent-ruby (~> 1.0.2)
      devise
      devise_invitable
      faraday
      faraday-http-cache
      gemoji (~> 2.1.0)
      handlebars_assets (~> 0.23.0)
      kramdown
      mail
      neat-rails (~> 0.5.1)
      nokogiri (~> 1.8)
      oauth2
      oj (~> 3.0)
      openxml-xlsx (>= 0.2.0)
      pg (~> 1.2.0)
      pg_search
      premailer (~> 1.10.0)
      progressbar (~> 0.21.0)
      rack-utf8_sanitizer (~> 1.3.1)
      rails (~> 6.0.3)
      rufus-scheduler (~> 3.4.0)
      sass-rails (~> 6.0)
      slackdown (>= 0.2.1)
      thor
      uglifier (>= 2.7.2)

GIT
  remote: https://github.com/houston/houston-exceptions.git
  revision: 1a5902144175de06d1cba99053e22acd8ff093cc
  branch: master
  specs:
    houston-exceptions (0.0.1)
      houston-core (>= 0.8.0.pre)

GIT
  remote: https://github.com/houston/houston-feedback.git
  revision: 1638effe6e8b888ecf5bf11a6a91c03a23021545
  branch: master
  specs:
    houston-feedback (0.0.1)
      activerecord-import
      charlock_holmes
      houston-core (>= 0.8.0.pre)
      houston-vestal_versions
      pg_search
      pluck_map (>= 1.0.0)
      redcarpet

GIT
  remote: https://github.com/houston/houston-releases.git
  revision: 87294ff6e21f88c37603a472b5af760708f8dd0d
  branch: master
  specs:
    houston-releases (0.0.1)
      houston-core (>= 0.8.0.pre)
      record_tag_helper (~> 1.0)

GIT
  remote: https://github.com/houston/houston-roadmaps.git
  revision: d8df0e26dc0f2a367f4699abe8aafa25881734cd
  branch: master
  specs:
    houston-roadmaps (0.1.0)
      houston-core (>= 0.8.0.pre)
      houston-tickets
      neat-rails (>= 0.2.0)

GIT
  remote: https://github.com/houston/houston-scheduler.git
  revision: a0f81bd08b4473c8da50e0f841a1072480e13933
  branch: master
  specs:
    houston-scheduler (0.0.1)
      houston-core (>= 0.7.0)
      houston-tickets

GIT
  remote: https://github.com/houston/houston-slack.git
  revision: ee991909e88ad7533b19aa555a3c1840da474aeb
  branch: master
  specs:
    houston-slack (0.0.1)
      attentive
      houston-conversations (>= 0.1.0)
      houston-core (>= 0.8.0.pre)
      slacks (>= 0.5.0.pre)

GIT
  remote: https://github.com/houston/houston-tickets.git
  revision: a27b08adc44dafa8d75fde59d1923d22df73981e
  branch: master
  specs:
    houston-tickets (0.0.1)
      houston-commits
      houston-core (>= 0.8.0.pre)
      houston-vestal_versions

GIT
  remote: https://github.com/houston/houston-todolists.git
  revision: 95e28bfcb060093943b2358530d7665c623a4c26
  branch: master
  specs:
    houston-todolists (0.0.1)
      houston-core (>= 0.9.0)

GIT
  remote: https://github.com/houston/houston-twilio.git
  revision: c1cd9908a7f3d55601533408486e6d484333d15c
  branch: master
  specs:
    houston-twilio (0.0.1)
      houston-core (>= 0.8.0.pre)
      twilio-ruby (~> 4.11.1)

GIT
  remote: https://github.com/houston/slacks.git
  revision: 31d6168906908eddd7cb14f9e74b129a16c2aaee
  branch: master
  specs:
    slacks (0.6.4)
      concurrent-ruby
      faraday
      multi_json
      websocket-driver

GIT
  remote: https://github.com/houston/vestal_versions.git
  revision: 7b8f93e1d92a692a3b7b010195d29a2488bb60ea
  branch: master
  specs:
    houston-vestal_versions (3.0.0)
      activerecord (>= 5)
      activesupport (>= 5)

GIT
  remote: https://github.com/macks/ruby-ntlm.git
  revision: 323ef447c04e130a31940fa6dabe96607677c22b
  specs:
    ruby-ntlm (0.0.4)

GEM
  remote: https://rubygems.org/
  specs:
    actioncable (6.0.5.1)
      actionpack (= 6.0.5.1)
      nio4r (~> 2.0)
      websocket-driver (>= 0.6.1)
    actionmailbox (6.0.5.1)
      actionpack (= 6.0.5.1)
      activejob (= 6.0.5.1)
      activerecord (= 6.0.5.1)
      activestorage (= 6.0.5.1)
      activesupport (= 6.0.5.1)
      mail (>= 2.7.1)
    actionmailer (6.0.5.1)
      actionpack (= 6.0.5.1)
      actionview (= 6.0.5.1)
      activejob (= 6.0.5.1)
      mail (~> 2.5, >= 2.5.4)
      rails-dom-testing (~> 2.0)
    actionpack (6.0.5.1)
      actionview (= 6.0.5.1)
      activesupport (= 6.0.5.1)
      rack (~> 2.0, >= 2.0.8)
      rack-test (>= 0.6.3)
      rails-dom-testing (~> 2.0)
      rails-html-sanitizer (~> 1.0, >= 1.2.0)
    actiontext (6.0.5.1)
      actionpack (= 6.0.5.1)
      activerecord (= 6.0.5.1)
      activestorage (= 6.0.5.1)
      activesupport (= 6.0.5.1)
      nokogiri (>= 1.8.5)
    actionview (6.0.5.1)
      activesupport (= 6.0.5.1)
      builder (~> 3.1)
      erubi (~> 1.4)
      rails-dom-testing (~> 2.0)
      rails-html-sanitizer (~> 1.1, >= 1.2.0)
    activejob (6.0.5.1)
      activesupport (= 6.0.5.1)
      globalid (>= 0.3.6)
    activemodel (6.0.5.1)
      activesupport (= 6.0.5.1)
    activerecord (6.0.5.1)
      activemodel (= 6.0.5.1)
      activesupport (= 6.0.5.1)
    activerecord-import (1.4.0)
      activerecord (>= 4.2)
    activestorage (6.0.5.1)
      actionpack (= 6.0.5.1)
      activejob (= 6.0.5.1)
      activerecord (= 6.0.5.1)
      marcel (~> 1.0)
    activesupport (6.0.5.1)
      concurrent-ruby (~> 1.0, >= 1.0.2)
      i18n (>= 0.7, < 2)
      minitest (~> 5.1)
      tzinfo (~> 1.1)
      zeitwerk (~> 2.2, >= 2.2.2)
    addressable (2.8.0)
      public_suffix (>= 2.0.2, < 5.0)
    ansi (1.5.0)
    attentive (0.3.9)
      concurrent-ruby
    bcrypt (3.1.16)
    better_errors (2.8.0)
      coderay (>= 1.0.0)
      erubi (>= 1.0.0)
      rack (>= 0.9.0)
    browser (2.3.0)
    builder (3.2.4)
    cancancan (3.3.0)
    capybara (3.12.0)
      addressable
      mini_mime (>= 0.1.3)
      nokogiri (~> 1.8)
      rack (>= 1.6.0)
      rack-test (>= 0.6.3)
      regexp_parser (~> 1.2)
      xpath (~> 3.2)
    charlock_holmes (0.7.7)
    coderay (1.1.3)
    coffee-rails (5.0.0)
      coffee-script (>= 2.2.0)
      railties (>= 5.2.0)
    coffee-script (2.4.1)
      coffee-script-source
      execjs
    coffee-script-source (1.12.2)
    concurrent-ruby (1.0.5)
    connection_pool (2.2.5)
    crack (0.4.3)
      safe_yaml (~> 1.0.0)
    crass (1.0.6)
    css_parser (1.11.0)
      addressable
    devise (4.8.1)
      bcrypt (~> 3.0)
      orm_adapter (~> 0.1)
      railties (>= 4.1.0)
      responders
      warden (~> 1.2.3)
    devise_invitable (2.0.6)
      actionmailer (>= 5.0)
      devise (>= 4.6)
    docile (1.1.5)
    domain_name (0.5.20190701)
      unf (>= 0.0.5, < 1.0.0)
    erubi (1.10.0)
    erubis (2.7.0)
    et-orbi (1.2.6)
      tzinfo
    excon (0.71.0)
    execjs (2.8.1)
    factory_girl (4.9.0)
      activesupport (>= 3.0.0)
    factory_girl_rails (4.9.0)
      factory_girl (~> 4.9.0)
      railties (>= 3.0.0)
    faraday (1.3.0)
      faraday-net_http (~> 1.0)
      multipart-post (>= 1.2, < 3)
      ruby2_keywords
    faraday-http-cache (2.2.0)
      faraday (>= 0.8)
    faraday-net_http (1.0.1)
    ffi (1.15.5)
    gemoji (2.1.0)
    globalid (1.0.1)
      activesupport (>= 5.0)
    googlecharts (1.6.12)
    graphql (1.10.10)
    graphql-client (0.16.0)
      activesupport (>= 3.0)
      graphql (~> 1.8)
    handlebars_assets (0.23.9)
      execjs (~> 2.0)
      sprockets (>= 2.0.0)
      tilt (>= 1.2)
    hashdiff (0.3.8)
    heroics (0.0.25)
      erubis (~> 2.0)
      excon
      moneta
      multi_json (>= 1.9.2)
    htmlentities (4.3.4)
    http-cookie (1.0.5)
      domain_name (~> 0.5)
    httpclient (2.8.3)
    i18n (1.12.0)
      concurrent-ruby (~> 1.0)
    json (2.3.1)
    juniter (0.1.1)
      ox
    jwt (1.5.6)
    kramdown (2.3.1)
      rexml
    kramdown-parser-gfm (1.1.0)
      kramdown (~> 2.0)
    launchy (2.4.3)
      addressable (~> 2.3)
    letter_opener (1.7.0)
      launchy (~> 2.2)
    libv8 (3.16.14.19)
    little-plugger (1.1.4)
    logging (2.2.2)
      little-plugger (~> 1.1)
      multi_json (~> 1.10)
    loofah (2.19.1)
      crass (~> 1.0.2)
      nokogiri (>= 1.5.9)
    mail (2.7.1)
      mini_mime (>= 0.1.1)
    marcel (1.0.2)
    mechanize (2.8.5)
      addressable (~> 2.8)
      domain_name (~> 0.5, >= 0.5.20190701)
      http-cookie (~> 1.0, >= 1.0.3)
      mime-types (~> 3.0)
      net-http-digest_auth (~> 1.4, >= 1.4.1)
      net-http-persistent (>= 2.5.2, < 5.0.dev)
      nokogiri (~> 1.11, >= 1.11.2)
      rubyntlm (~> 0.6, >= 0.6.3)
      webrick (~> 1.7)
      webrobots (~> 0.1.2)
    method_source (0.9.2)
    mime-types (3.4.1)
      mime-types-data (~> 3.2015)
    mime-types-data (3.2022.0105)
    mini_mime (1.1.2)
    mini_portile2 (2.8.5)
    minitest (5.15.0)
    minitest-reporters (1.3.5)
      ansi
      builder
      minitest (>= 5.0)
      ruby-progressbar
    minitest-reporters-turn_reporter (0.1.2)
      minitest-reporters
    moneta (1.0.0)
    multi_json (1.13.1)
    multi_xml (0.6.0)
    multipart-post (2.1.1)
    neat-rails (0.5.1)
    net-http-digest_auth (1.4.1)
    net-http-persistent (4.0.1)
      connection_pool (~> 2.2)
    net-ldap (0.17.1)
    netrc (0.11.0)
    nio4r (2.7.0)
    nokogiri (1.16.2)
      mini_portile2 (~> 2.8.2)
      racc (~> 1.4)
    oauth2 (1.4.7)
      faraday (>= 0.8, < 2.0)
      jwt (>= 1.0, < 3.0)
      multi_json (~> 1.3)
      multi_xml (~> 0.5)
      rack (>= 1.2, < 3)
    octicons (11.0.0)
      nokogiri (>= 1.6.3.1)
    octokit (4.21.0)
      faraday (>= 0.9)
      sawyer (~> 0.8.0, >= 0.5.3)
    oj (3.13.11)
    openxml-package (0.3.4)
      nokogiri
      ox
      rubyzip
    openxml-xlsx (0.2.5)
      nokogiri
      openxml-package (>= 0.2.0)
    orm_adapter (0.5.0)
    ox (2.14.4)
    pg (1.2.3)
    pg_search (2.3.6)
      activerecord (>= 5.2)
      activesupport (>= 5.2)
    platform-api (2.2.0)
      heroics (~> 0.0.25)
      moneta (~> 1.0.0)
    pluck_map (2.0.0)
      activerecord (>= 4.2)
    premailer (1.10.4)
      addressable
      css_parser (>= 1.4.10)
      htmlentities (>= 4.0.0)
    progressbar (0.21.0)
    pry (0.12.2)
      coderay (~> 1.1.0)
      method_source (~> 0.9.0)
    public_suffix (4.0.6)
    puma (5.6.8)
      nio4r (~> 2.0)
    racc (1.7.3)
    rack (2.2.6.4)
    rack-test (2.0.2)
      rack (>= 1.3)
    rack-utf8_sanitizer (1.3.2)
      rack (>= 1.0, < 3.0)
    rails (6.0.5.1)
      actioncable (= 6.0.5.1)
      actionmailbox (= 6.0.5.1)
      actionmailer (= 6.0.5.1)
      actionpack (= 6.0.5.1)
      actiontext (= 6.0.5.1)
      actionview (= 6.0.5.1)
      activejob (= 6.0.5.1)
      activemodel (= 6.0.5.1)
      activerecord (= 6.0.5.1)
      activestorage (= 6.0.5.1)
      activesupport (= 6.0.5.1)
      bundler (>= 1.3.0)
      railties (= 6.0.5.1)
      sprockets-rails (>= 2.0.0)
    rails-dom-testing (2.0.3)
      activesupport (>= 4.2.0)
      nokogiri (>= 1.6)
    rails-html-sanitizer (1.4.4)
      loofah (~> 2.19, >= 2.19.1)
    railties (6.0.5.1)
      actionpack (= 6.0.5.1)
      activesupport (= 6.0.5.1)
      method_source
      rake (>= 0.8.7)
      thor (>= 0.20.3, < 2.0)
    rake (12.3.3)
    record_tag_helper (1.0.1)
      actionview (>= 5)
    redcarpet (3.5.1)
    redis (3.3.5)
    ref (2.0.0)
    regexp_parser (1.3.0)
    responders (3.0.1)
      actionpack (>= 5.0)
      railties (>= 5.0)
    rexml (3.2.5)
    rr (1.2.1)
    ruby-progressbar (1.10.0)
    ruby2_keywords (0.0.4)
    rubyntlm (0.6.3)
    rubyzip (2.3.0)
    rufus-scheduler (3.4.2)
      et-orbi (~> 1.0)
    rugged (0.27.10.1)
    safe_yaml (1.0.4)
    sass-rails (6.0.0)
      sassc-rails (~> 2.1, >= 2.1.1)
    sassc (2.4.0)
      ffi (~> 1.9)
    sassc-rails (2.1.2)
      railties (>= 4.0.0)
      sassc (>= 2.0)
      sprockets (> 3.0)
      sprockets-rails
      tilt
    sawyer (0.8.2)
      addressable (>= 2.3.5)
      faraday (> 0.8, < 2.0)
    sentry-rails (4.2.2)
      rails (>= 5.0)
      sentry-ruby-core (~> 4.2.0)
    sentry-ruby (4.2.2)
      concurrent-ruby (~> 1.0, >= 1.0.2)
      faraday (>= 1.0)
      sentry-ruby-core (= 4.2.2)
    sentry-ruby-core (4.2.2)
      concurrent-ruby
      faraday
    shoulda-context (1.2.2)
    simplecov (0.9.2)
      docile (~> 1.1.0)
      multi_json (~> 1.0)
      simplecov-html (~> 0.9.0)
    simplecov-html (0.9.0)
    simplecov-json (0.2)
      json
      simplecov
    skylight (4.3.1)
      skylight-core (= 4.3.1)
    skylight-core (4.3.1)
      activesupport (>= 4.2.0)
    slackdown (0.2.4)
      kramdown (~> 2.3)
      kramdown-parser-gfm (~> 1.0, >= 1.0.1)
    spring (2.0.2)
      activesupport (>= 4.2)
    sprockets (4.1.1)
      concurrent-ruby (~> 1.0)
      rack (> 1, < 3)
    sprockets-rails (3.4.2)
      actionpack (>= 5.2)
      activesupport (>= 5.2)
      sprockets (>= 3.0.0)
    therubyracer (0.12.3)
      libv8 (~> 3.16.14.15)
      ref
    thor (1.2.1)
    thread_safe (0.3.6)
    tilt (2.0.10)
    timecop (0.9.1)
    twilio-ruby (4.11.1)
      builder (>= 2.1.2)
      jwt (~> 1.0)
      multi_json (>= 1.3.0)
    tzinfo (1.2.10)
      thread_safe (~> 0.1)
    uglifier (4.2.0)
      execjs (>= 0.3.0, < 3)
    unf (0.1.4)
      unf_ext
    unf_ext (0.0.8.2)
    viewpoint (1.1.0)
      httpclient
      logging
      nokogiri
      rubyntlm
    warden (1.2.9)
      rack (>= 2.0.9)
    webmock (3.5.1)
      addressable (>= 2.3.6)
      crack (>= 0.3.2)
      hashdiff
    webrick (1.7.0)
    webrobots (0.1.2)
    websocket-driver (0.7.5)
      websocket-extensions (>= 0.1.0)
    websocket-extensions (0.1.5)
    xpath (3.2.0)
      nokogiri (~> 1.8)
    zeitwerk (2.6.6)

PLATFORMS
  ruby

DEPENDENCIES
  better_errors
  bundler
  capybara
  devise_ldap_authenticatable!
  factory_girl_rails
  graphql-client
  houston-alerts!
  houston-ci!
  houston-commits!
  houston-conversations!
  houston-core!
  houston-exceptions!
  houston-feedback!
  houston-releases!
  houston-roadmaps!
  houston-scheduler!
  houston-slack!
  houston-tickets!
  houston-todolists!
  houston-twilio!
  houston-vestal_versions!
  houston-watcher!
  letter_opener
  mechanize
  minitest
  minitest-reporters
  minitest-reporters-turn_reporter
  netrc
  platform-api
  pry
  puma
  rake (~> 12.3.0)
  redis (< 4.0)
  rr
  ruby-ntlm!
  sentry-rails
  sentry-ruby
  shoulda-context
  simplecov-json
  skylight
  slacks!
  spring
  star!
  therubyracer
  timecop
  viewpoint
  webmock

BUNDLED WITH
   2.3.9
